GIT
  remote: git://github.com/maximplourde/peregrin.git
  revision: a23ea05a213470d66b48ba394576761aaadd154b
  specs:
    peregrin (1.2.3)
      mime-types
      nokogiri
      zipruby

GEM
  remote: http://rubygems.org/
  specs:
    macaddr (1.6.1)
      systemu (~> 2.5.0)
    mime-types (2.0)
    mini_portile (0.5.2)
    nokogiri (1.6.0)
      mini_portile (~> 0.5.0)
    systemu (2.5.2)
    thor (0.18.1)
    uuid (2.3.7)
      macaddr (~> 1.0)
    workers (0.2.2)
    zipruby (0.3.6)

PLATFORMS
  ruby

DEPENDENCIES
  nokogiri
  peregrin!
  thor
  uuid
  workers
