GIT
  remote: git://github.com/Feedbooks/peregrin.git
  revision: 96bcc81fc2008dea2e5cc97206760dc5213e078c
  branch: master
  specs:
    peregrin (1.2.3)
      mime-types
      nokogiri
      rubyzip

GEM
  remote: https://rubygems.org/
  specs:
    macaddr (1.6.1)
      systemu (~> 2.5.0)
    mime-types (2.6.1)
    mini_portile (0.5.2)
    nokogiri (1.6.0)
      mini_portile (~> 0.5.0)
    rubyzip (1.1.0)
    systemu (2.5.2)
    thor (0.18.1)
    uuid (2.3.7)
      macaddr (~> 1.0)
    workers (0.2.2)

PLATFORMS
  ruby

DEPENDENCIES
  nokogiri
  peregrin!
  thor
  uuid
  workers

BUNDLED WITH
   1.10.5
