GIT
  remote: git://github.com/demarque/peregrin.git
  revision: 6cfc53ca21798604c20f544c09a8e1859473d6ef
  specs:
    peregrin (1.2.3)
      mime-types
      nokogiri
      rubyzip

GEM
  remote: http://rubygems.org/
  specs:
    macaddr (1.6.1)
      systemu (~> 2.5.0)
    mime-types (2.0)
    mini_portile (0.5.2)
    nokogiri (1.6.0)
      mini_portile (~> 0.5.0)
    rubyzip (1.1.0)
    systemu (2.5.2)
    thor (0.18.1)
    uuid (2.3.7)
      macaddr (~> 1.0)
    workers (0.2.2)

PLATFORMS
  ruby

DEPENDENCIES
  nokogiri
  peregrin!
  thor
  uuid
  workers
